GIT
  remote: https://github.com/bitex-la/json_api_client
  revision: 9d15076953170e691813bd4c6db69f877e3ff405
  specs:
    json_api_client (1.5.3)
      activemodel (>= 3.2.0)
      activesupport (>= 3.2.0)
      addressable (~> 2.2)
      faraday (~> 0.9.2, >= 0.9.2)
      faraday_middleware (~> 0.9)

GIT
  remote: https://github.com/bitex-la/jsonapi-mapper
  revision: 5af03e2c77b677fcaafa2fa335a7f51c76b9f86b
  branch: rails4-support
  specs:
    jsonapi_mapper (0.1.4)
      activemodel (~> 4.2, >= 4.2.0)
      activesupport (~> 4.2, >= 4.2.0)

GIT
  remote: https://github.com/rails-api/active_model_serializers
  revision: 0b5a540e8d5a469b32e9809364c6d32daab1e6ac
  specs:
    active_model_serializers (1.0.0.pre.dev)

PATH
  remote: .
  specs:
    compliance_client (0.1.0)
      activemodel (~> 4.2, >= 4.2.0)
      activesupport (~> 4.2, >= 4.2.0)

GEM
  remote: https://rubygems.org/
  specs:
    activemodel (4.2.10)
      activesupport (= 4.2.10)
      builder (~> 3.1)
    activerecord (4.2.10)
      activemodel (= 4.2.10)
      activesupport (= 4.2.10)
      arel (~> 6.0)
    activesupport (4.2.10)
      i18n (~> 0.7)
      minitest (~> 5.1)
      thread_safe (~> 0.3, >= 0.3.4)
      tzinfo (~> 1.1)
    addressable (2.5.2)
      public_suffix (>= 2.0.2, < 4.0)
    arel (6.0.4)
    builder (3.2.3)
    concurrent-ruby (1.0.5)
    crack (0.4.3)
      safe_yaml (~> 1.0.0)
    diff-lcs (1.3)
    faraday (0.9.2)
      multipart-post (>= 1.2, < 3)
    faraday_middleware (0.12.2)
      faraday (>= 0.7.4, < 1.0)
    hashdiff (0.3.7)
    i18n (0.9.5)
      concurrent-ruby (~> 1.0)
    json (2.1.0)
    minitest (5.11.3)
    multipart-post (2.0.0)
    public_suffix (3.0.2)
    rake (10.5.0)
    rspec (3.7.0)
      rspec-core (~> 3.7.0)
      rspec-expectations (~> 3.7.0)
      rspec-mocks (~> 3.7.0)
    rspec-core (3.7.1)
      rspec-support (~> 3.7.0)
    rspec-expectations (3.7.0)
      diff-lcs (>= 1.2.0, < 2.0)
      rspec-support (~> 3.7.0)
    rspec-mocks (3.7.0)
      diff-lcs (>= 1.2.0, < 2.0)
      rspec-support (~> 3.7.0)
    rspec-support (3.7.1)
    safe_yaml (1.0.4)
    thread_safe (0.3.6)
    tzinfo (1.2.5)
      thread_safe (~> 0.1)
    vcr (4.0.0)
    webmock (3.4.2)
      addressable (>= 2.3.6)
      crack (>= 0.3.2)
      hashdiff

PLATFORMS
  ruby

DEPENDENCIES
  active_model_serializers!
  activerecord (~> 4.2, >= 4.2.0)
  bundler (~> 1.16)
  compliance_client!
  json
  json_api_client!
  jsonapi_mapper (~> 0.1.4)!
  rake (~> 10.0)
  rspec (~> 3.0)
  vcr
  webmock

BUNDLED WITH
   1.16.2
